GEM
  remote: http://rubygems.org/
  specs:
    activesupport (3.1.0)
      multi_json (~> 1.0)
    diff-lcs (1.1.3)
    i18n (0.6.0)
    mime-types (1.16)
    multi_json (1.0.3)
    rake (0.9.2)
    rest-client (1.6.7)
      mime-types (>= 1.16)
    rspec (2.6.0)
      rspec-core (~> 2.6.0)
      rspec-expectations (~> 2.6.0)
      rspec-mocks (~> 2.6.0)
    rspec-core (2.6.4)
    rspec-expectations (2.6.0)
      diff-lcs (~> 1.1.2)
    rspec-mocks (2.6.0)

PLATFORMS
  ruby

DEPENDENCIES
  activesupport
  i18n
  rake
  rest-client
  rspec
